PATH
  remote: .
  specs:
    font (0.0.1)
      addressable (~> 2.3)
      json (~> 1.8.0)
      launchy (~> 2.3.0)
      rainbow (~> 1.1.4)

GEM
  remote: https://rubygems.org/
  specs:
    addressable (2.3.5)
    json (1.8.0)
    launchy (2.3.0)
      addressable (~> 2.3)
    rainbow (1.1.4)
    rake (10.1.0)

PLATFORMS
  ruby

DEPENDENCIES
  bundler (~> 1.3)
  font!
  rake
